GIT
  remote: https://github.com/spree/spree.git
  revision: 8626e2cbdfa2da4b58172c1bcc83ab0a477e698f
  branch: 2-1-stable
  specs:
    spree (2.1.4.beta)
      spree_api (= 2.1.4.beta)
      spree_backend (= 2.1.4.beta)
      spree_cmd (= 2.1.4.beta)
      spree_core (= 2.1.4.beta)
      spree_frontend (= 2.1.4.beta)
      spree_sample (= 2.1.4.beta)
    spree_api (2.1.4.beta)
      rabl (= 0.8.4)
      spree_core (= 2.1.4.beta)
      versioncake (~> 1.2.0)
    spree_backend (2.1.4.beta)
      jquery-rails (~> 3.0.0)
      jquery-ui-rails (~> 4.0.0)
      select2-rails (~> 3.4.7)
      spree_api (= 2.1.4.beta)
      spree_core (= 2.1.4.beta)
    spree_cmd (2.1.4.beta)
      thor (~> 0.14)
    spree_core (2.1.4.beta)
      activemerchant (= 1.42.2)
      acts_as_list (= 0.2.0)
      awesome_nested_set (~> 3.0.0.rc.2)
      aws-sdk (= 1.27.0)
      cancan (~> 1.6.10)
      deface (~> 1.0.0)
      ffaker (~> 1.16)
      highline (~> 1.6.18)
      httparty (~> 0.11)
      json (~> 1.7)
      kaminari (~> 0.14.1)
      money (~> 5.1)
      paperclip (~> 3.4.1)
      paranoia (~> 2.0)
      rails (~> 4.0.0)
      ransack (= 1.1.0)
      state_machine (= 1.2.0)
      stringex (~> 1.5.1)
      truncate_html (= 0.9.2)
    spree_frontend (2.1.4.beta)
      canonical-rails
      jquery-rails (~> 3.0.0)
      spree_api (= 2.1.4.beta)
      spree_core (= 2.1.4.beta)
      stringex (~> 1.5.1)
    spree_sample (2.1.4.beta)
      spree_core (= 2.1.4.beta)

GIT
  remote: https://github.com/spree/spree_auth_devise.git
  revision: 42204323be9e3eb4bd67c07d02dd77de6a6ac0d8
  branch: 2-1-stable
  specs:
    spree_auth_devise (2.1.0)
      cancan (~> 1.6.7)
      devise (~> 3.0.1)
      devise-encryptable (= 0.1.2)
      spree_backend (~> 2.1.0)
      spree_core (~> 2.1.0)
      spree_frontend (~> 2.1.0)

GIT
  remote: https://github.com/spree/spree_fancy.git
  revision: 5c41159c9c1422a85e99673c2c2b3132bad3f609
  branch: 2-1-stable
  specs:
    spree_fancy (2.1.0)
      compass-rails (~> 2.0.alpha.0)
      deface (~> 1.0.0rc3)
      jquery-ui-rails
      spree_core (~> 2.1.0)

GIT
  remote: https://github.com/spree/spree_social.git
  revision: caa08581de5da5156624041912335794d667dfa6
  branch: 2-1-stable
  specs:
    spree_social (2.3.0)
      oa-core
      omniauth
      omniauth-facebook
      omniauth-github
      omniauth-google-oauth2
      omniauth-twitter
      spree_core (~> 2.1.0)

GEM
  remote: https://rubygems.org/
  specs:
    actionmailer (4.0.0)
      actionpack (= 4.0.0)
      mail (~> 2.5.3)
    actionpack (4.0.0)
      activesupport (= 4.0.0)
      builder (~> 3.1.0)
      erubis (~> 2.7.0)
      rack (~> 1.5.2)
      rack-test (~> 0.6.2)
    active_utils (2.0.1)
      activesupport (>= 2.3.11)
      i18n
    activemerchant (1.42.2)
      active_utils (~> 2.0, >= 2.0.1)
      activesupport (>= 2.3.14, < 5.0.0)
      builder (>= 2.1.2, < 4.0.0)
      i18n (~> 0.5)
      json (~> 1.7)
      money (< 7.0.0)
      nokogiri (~> 1.4)
    activemodel (4.0.0)
      activesupport (= 4.0.0)
      builder (~> 3.1.0)
    activerecord (4.0.0)
      activemodel (= 4.0.0)
      activerecord-deprecated_finders (~> 1.0.2)
      activesupport (= 4.0.0)
      arel (~> 4.0.0)
    activerecord-deprecated_finders (1.0.3)
    activesupport (4.0.0)
      i18n (~> 0.6, >= 0.6.4)
      minitest (~> 4.2)
      multi_json (~> 1.3)
      thread_safe (~> 0.1)
      tzinfo (~> 0.3.37)
    acts_as_list (0.2.0)
      activerecord (>= 3.0)
    arel (4.0.1)
    atomic (1.1.14)
    awesome_nested_set (3.0.0.rc.2)
      activerecord (~> 4.0.0)
    aws-sdk (1.27.0)
      json (~> 1.4)
      nokogiri (>= 1.4.4)
      uuidtools (~> 2.1)
    bcrypt-ruby (3.1.2)
    builder (3.1.4)
    cancan (1.6.10)
    canonical-rails (0.0.3)
      rails (>= 3.1, < 5.0)
    chunky_png (1.2.9)
    climate_control (0.0.3)
      activesupport (>= 3.0)
    cocaine (0.5.3)
      climate_control (>= 0.0.3, < 1.0)
    coffee-rails (4.0.1)
      coffee-script (>= 2.2.0)
      railties (>= 4.0.0, < 5.0)
    coffee-script (2.2.0)
      coffee-script-source
      execjs
    coffee-script-source (1.6.3)
    colorize (0.6.0)
    compass (0.12.2)
      chunky_png (~> 1.2)
      fssm (>= 0.2.7)
      sass (~> 3.1)
    compass-rails (2.0.alpha.0)
      compass (>= 0.12.2, < 0.14)
    deface (1.0.0)
      colorize (>= 0.5.8)
      nokogiri (~> 1.6.0)
      rails (>= 3.1)
    devise (3.0.4)
      bcrypt-ruby (~> 3.0)
      orm_adapter (~> 0.1)
      railties (>= 3.2.6, < 5)
      warden (~> 1.2.3)
    devise-encryptable (0.1.2)
      devise (>= 2.1.0)
    erubis (2.7.0)
    execjs (2.0.2)
    faraday (0.8.8)
      multipart-post (~> 1.2.0)
    ffaker (1.22.1)
    fssm (0.2.10)
    hashie (2.0.5)
    highline (1.6.20)
    hike (1.2.3)
    httparty (0.12.0)
      json (~> 1.8)
      multi_xml (>= 0.5.2)
    httpauth (0.2.0)
    i18n (0.6.5)
    jbuilder (1.5.2)
      activesupport (>= 3.0.0)
      multi_json (>= 1.2.0)
    jquery-rails (3.0.4)
      railties (>= 3.0, < 5.0)
      thor (>= 0.14, < 2.0)
    jquery-ui-rails (4.0.5)
      railties (>= 3.1.0)
    json (1.8.1)
    jwt (0.1.8)
      multi_json (>= 1.5)
    kaminari (0.14.1)
      actionpack (>= 3.0.0)
      activesupport (>= 3.0.0)
    mail (2.5.4)
      mime-types (~> 1.16)
      treetop (~> 1.4.8)
    mime-types (1.25.1)
    mini_portile (0.5.2)
    minitest (4.7.5)
    money (5.1.1)
      i18n (~> 0.6.0)
    multi_json (1.8.2)
    multi_xml (0.5.5)
    multipart-post (1.2.0)
    nokogiri (1.6.0)
      mini_portile (~> 0.5.0)
    oa-core (0.3.2)
    oauth (0.4.7)
    oauth2 (0.8.1)
      faraday (~> 0.8)
      httpauth (~> 0.1)
      jwt (~> 0.1.4)
      multi_json (~> 1.0)
      rack (~> 1.2)
    omniauth (1.1.4)
      hashie (>= 1.2, < 3)
      rack
    omniauth-facebook (1.5.1)
      omniauth-oauth2 (~> 1.1.0)
    omniauth-github (1.1.1)
      omniauth (~> 1.0)
      omniauth-oauth2 (~> 1.1)
    omniauth-google-oauth2 (0.2.1)
      omniauth (~> 1.0)
      omniauth-oauth2
    omniauth-oauth (1.0.1)
      oauth
      omniauth (~> 1.0)
    omniauth-oauth2 (1.1.1)
      oauth2 (~> 0.8.0)
      omniauth (~> 1.0)
    omniauth-twitter (1.0.1)
      multi_json (~> 1.3)
      omniauth-oauth (~> 1.0)
    orm_adapter (0.5.0)
    paperclip (3.4.2)
      activemodel (>= 3.0.0)
      activerecord (>= 3.0.0)
      activesupport (>= 3.0.0)
      cocaine (~> 0.5.0)
      mime-types
    paranoia (2.0.1)
      activerecord (~> 4.0)
    polyamorous (0.6.4)
      activerecord (>= 3.0)
    polyglot (0.3.3)
    rabl (0.8.4)
      activesupport (>= 2.3.14)
    rack (1.5.2)
    rack-test (0.6.2)
      rack (>= 1.0)
    rails (4.0.0)
      actionmailer (= 4.0.0)
      actionpack (= 4.0.0)
      activerecord (= 4.0.0)
      activesupport (= 4.0.0)
      bundler (>= 1.3.0, < 2.0)
      railties (= 4.0.0)
      sprockets-rails (~> 2.0.0)
    railties (4.0.0)
      actionpack (= 4.0.0)
      activesupport (= 4.0.0)
      rake (>= 0.8.7)
      thor (>= 0.18.1, < 2.0)
    rake (10.1.0)
    ransack (1.1.0)
      actionpack (>= 3.0)
      activerecord (>= 3.0)
      polyamorous (~> 0.6.0)
    rdoc (3.12.2)
      json (~> 1.4)
    sass (3.2.12)
    sass-rails (4.0.1)
      railties (>= 4.0.0, < 5.0)
      sass (>= 3.1.10)
      sprockets-rails (~> 2.0.0)
    sdoc (0.3.20)
      json (>= 1.1.3)
      rdoc (~> 3.10)
    select2-rails (3.4.9)
      sass-rails
      thor (~> 0.14)
    sprockets (2.10.1)
      hike (~> 1.2)
      multi_json (~> 1.0)
      rack (~> 1.0)
      tilt (~> 1.1, != 1.3.0)
    sprockets-rails (2.0.1)
      actionpack (>= 3.0)
      activesupport (>= 3.0)
      sprockets (~> 2.8)
    sqlite3 (1.3.8)
    state_machine (1.2.0)
    stringex (1.5.1)
    thor (0.18.1)
    thread_safe (0.1.3)
      atomic
    tilt (1.4.1)
    treetop (1.4.15)
      polyglot
      polyglot (>= 0.3.1)
    truncate_html (0.9.2)
    turbolinks (1.3.1)
      coffee-rails
    tzinfo (0.3.38)
    uglifier (2.3.1)
      execjs (>= 0.3.0)
      json (>= 1.8.0)
    uuidtools (2.1.4)
    versioncake (1.2.0)
      actionpack (>= 3.2)
      activesupport (>= 3.2)
      railties (>= 3.2)
      tzinfo
    warden (1.2.3)
      rack (>= 1.0)

PLATFORMS
  ruby

DEPENDENCIES
  coffee-rails (~> 4.0.0)
  jbuilder (~> 1.2)
  jquery-rails
  rails (= 4.0.0)
  sass-rails (~> 4.0.0)
  sdoc
  spree!
  spree_auth_devise!
  spree_fancy!
  spree_social!
  sqlite3
  turbolinks
  uglifier (>= 1.3.0)
